GEM
  remote: https://rubygems.org/
  specs:
    e2mmap (0.1.0)
    irb (1.0.0)
    power_assert (1.1.3)
    test-unit (3.3.0)
      power_assert

PLATFORMS
  ruby

DEPENDENCIES
  e2mmap
  irb
  test-unit

BUNDLED WITH
   2.2.15
