GEM
  remote: https://rubygems.org/
  specs:
    e2mmap (0.1.0)
    irb (1.0.0)
    power_assert (1.1.3)
    test-unit (3.3.0)
      power_assert
    tomparse (0.4.2)
    yard (0.9.26)
    yard-tomdoc (0.7.1)
      tomparse (>= 0.4.0)
      yard

PLATFORMS
  ruby

DEPENDENCIES
  e2mmap
  irb
  test-unit
  yard (~> 0.9.25)
  yard-tomdoc (~> 0.7.1)

BUNDLED WITH
   2.2.15
